STORAGE: NONE
RESTRICTION: || (== net5.0) (== netstandard2.0) (== netstandard2.1)
NUGET
  remote: https://api.nuget.org/v3/index.json
    Newtonsoft.Json (13.0.1) - restriction: || (&& (== net5.0) (>= net47)) (&& (== netstandard2.0) (>= net47)) (&& (== netstandard2.1) (>= net47))
